GEM
  remote: https://rubygems.org/
  specs:
    ffaker (2.8.1)

PLATFORMS
  ruby

DEPENDENCIES
  ffaker

BUNDLED WITH
   1.16.1
